PATH
  remote: .
  specs:
    filmrolls (0.0.0)
      commander (~> 4.4)
      exiftool_vendored (~> 11)
      geokit (~> 1.11)
      mini_exiftool (~> 2.8)
      nokogiri (~> 1.10)
      terminal-table (~> 1.8)

GEM
  remote: https://rubygems.org/
  specs:
    ansi (1.5.0)
    builder (3.2.3)
    codacy-coverage (2.1.0)
      simplecov
    commander (4.4.7)
      highline (~> 2.0.0)
    docile (1.3.1)
    exiftool (1.2.1)
      json
    exiftool_vendored (11.44.0)
      exiftool (>= 0.7.0)
    geokit (1.13.1)
    highline (2.0.2)
    hpricot (0.8.6)
    json (2.2.0)
    mini_exiftool (2.9.0)
    mini_portile2 (2.4.0)
    minitest (5.11.3)
    minitest-reporters (1.3.6)
      ansi
      builder
      minitest (>= 5.0)
      ruby-progressbar
    mustache (1.1.0)
    nokogiri (1.10.3)
      mini_portile2 (~> 2.4.0)
    rake (12.3.2)
    rdiscount (2.2.0.1)
    rdoc (6.1.1)
    ronn (0.7.3)
      hpricot (>= 0.8.2)
      mustache (>= 0.7.0)
      rdiscount (>= 1.5.8)
    ruby-progressbar (1.10.0)
    simplecov (0.16.1)
      docile (~> 1.1)
      json (>= 1.8, < 3)
      simplecov-html (~> 0.10.0)
    simplecov-html (0.10.2)
    terminal-table (1.8.0)
      unicode-display_width (~> 1.1, >= 1.1.1)
    unicode-display_width (1.6.0)

PLATFORMS
  ruby

DEPENDENCIES
  bundler (~> 2)
  codacy-coverage (~> 2)
  filmrolls!
  minitest (~> 5.8)
  minitest-reporters (~> 1.3)
  rake (~> 12)
  rdoc (~> 6)
  ronn (~> 0.7)
  simplecov (~> 0.14)

BUNDLED WITH
   2.0.1
