PATH
  remote: .
  specs:
    roll2exif (0.0.0)
      commander (~> 4.4)
      exiftool_vendored (~> 10.49)
      geokit (~> 1.11)
      mini_exiftool (~> 2.8)
      nokogiri (~> 1.7)
      terminal-table (~> 1.8)

GEM
  remote: https://rubygems.org/
  specs:
    ansi (1.5.0)
    builder (3.2.3)
    codacy-coverage (1.1.6)
      simplecov
    commander (4.4.3)
      highline (~> 1.7.2)
    docile (1.1.5)
    exiftool (1.1.0)
      json
    exiftool_vendored (10.49.0)
      exiftool (>= 0.7.0)
    geokit (1.11.0)
    highline (1.7.8)
    json (2.1.0)
    mini_exiftool (2.8.0)
    mini_portile2 (2.1.0)
    minitest (5.8.4)
    minitest-reporters (1.1.14)
      ansi
      builder
      minitest (>= 5.0)
      ruby-progressbar
    nokogiri (1.7.2)
      mini_portile2 (~> 2.1.0)
    rake (12.0.0)
    ruby-progressbar (1.8.1)
    simplecov (0.14.1)
      docile (~> 1.1.0)
      json (>= 1.8, < 3)
      simplecov-html (~> 0.10.0)
    simplecov-html (0.10.1)
    terminal-table (1.8.0)
      unicode-display_width (~> 1.1, >= 1.1.1)
    unicode-display_width (1.2.1)

PLATFORMS
  ruby

DEPENDENCIES
  bundler (~> 1.14)
  codacy-coverage (~> 1.1)
  minitest (~> 5.8)
  minitest-reporters (~> 1.1)
  rake (~> 12)
  roll2exif!

BUNDLED WITH
   1.15.0
