PATH
  remote: .
  specs:
    filmrolls (0.2.1)
      commander (~> 4.6)
      exiftool_vendored (>= 12)
      geokit (~> 1.13)
      mini_exiftool (~> 2.10)
      nokogiri (~> 1.12)
      terminal-table (~> 3.0)

GEM
  remote: https://rubygems.org/
  specs:
    ansi (1.5.0)
    ast (2.4.2)
    builder (3.2.4)
    commander (4.6.0)
      highline (~> 2.0.0)
    docile (1.4.0)
    exiftool (1.2.3)
      json
    exiftool_vendored (12.25.0)
      exiftool (>= 0.7.0)
    geokit (1.13.1)
    highline (2.0.3)
    hpricot (0.8.6)
    json (2.5.1)
    mini_exiftool (2.10.2)
    mini_portile2 (2.8.0)
    minitest (5.14.4)
    minitest-reporters (1.4.3)
      ansi
      builder
      minitest (>= 5.0)
      ruby-progressbar
    mustache (1.1.1)
    nokogiri (1.13.6)
      mini_portile2 (~> 2.8.0)
      racc (~> 1.4)
    parallel (1.21.0)
    parser (3.0.2.0)
      ast (~> 2.4.1)
    racc (1.6.0)
    rainbow (3.0.0)
    rake (13.0.6)
    rdiscount (2.2.0.2)
    rdoc (6.3.2)
    regexp_parser (2.1.1)
    rexml (3.2.5)
    ronn (0.7.3)
      hpricot (>= 0.8.2)
      mustache (>= 0.7.0)
      rdiscount (>= 1.5.8)
    rubocop (1.21.0)
      parallel (~> 1.10)
      parser (>= 3.0.0.0)
      rainbow (>= 2.2.2, < 4.0)
      regexp_parser (>= 1.8, < 3.0)
      rexml
      rubocop-ast (>= 1.9.1, < 2.0)
      ruby-progressbar (~> 1.7)
      unicode-display_width (>= 1.4.0, < 3.0)
    rubocop-ast (1.12.0)
      parser (>= 3.0.1.1)
    rubocop-minitest (0.15.1)
      rubocop (>= 0.90, < 2.0)
    rubocop-rake (0.6.0)
      rubocop (~> 1.0)
    ruby-progressbar (1.11.0)
    simplecov (0.20.0)
      docile (~> 1.1)
      simplecov-html (~> 0.11)
      simplecov_json_formatter (~> 0.1)
    simplecov-html (0.12.3)
    simplecov_json_formatter (0.1.3)
    terminal-table (3.0.2)
      unicode-display_width (>= 1.1.1, < 3)
    unicode-display_width (2.1.0)

PLATFORMS
  ruby

DEPENDENCIES
  bundler (~> 2.2)
  filmrolls!
  minitest (~> 5.14)
  minitest-reporters (~> 1.4)
  rake (~> 13.0)
  rdoc (~> 6.3)
  ronn (~> 0.7.0)
  rubocop (~> 1.21)
  rubocop-minitest (~> 0.15.0)
  rubocop-rake (~> 0.6.0)
  simplecov (~> 0.20.0)

BUNDLED WITH
   2.2.28
