PATH
  remote: .
  specs:
    roll2exif (0.0.0)
      exiftool (~> 1.1)
      exiftool_vendored (~> 10.49)

GEM
  remote: https://rubygems.org/
  specs:
    codacy-coverage (1.1.6)
      simplecov
    docile (1.1.5)
    exiftool (1.1.0)
      json
    exiftool_vendored (10.49.0)
      exiftool (>= 0.7.0)
    json (2.1.0)
    rake (12.0.0)
    simplecov (0.14.1)
      docile (~> 1.1.0)
      json (>= 1.8, < 3)
      simplecov-html (~> 0.10.0)
    simplecov-html (0.10.1)

PLATFORMS
  ruby

DEPENDENCIES
  bundler (~> 1.14)
  codacy-coverage (~> 1.1)
  rake (~> 12)
  roll2exif!

BUNDLED WITH
   1.14.6
